RESTRICTION: == netcoreapp3.1
NUGET
  remote: https://api.nuget.org/v3/index.json
    McMaster.Extensions.CommandLineUtils (2.5.1)
      System.ComponentModel.Annotations (>= 4.7)
    System.ComponentModel.Annotations (4.7)
